GEM
  remote: http://rubygems.org/
  specs:
    bouncy-castle-java (1.5.0146.1)
    daemons (1.1.4)
    eventmachine (1.0.0.beta.4-java)
    jruby-openssl (0.7.4)
      bouncy-castle-java
    json (1.6.3-java)
    rack (1.3.5)
    rack-protection (1.1.4)
      rack
    sinatra (1.3.1)
      rack (>= 1.3.4, ~> 1.3)
      rack-protection (>= 1.1.2, ~> 1.1)
      tilt (>= 1.3.3, ~> 1.3)
    thin (1.3.1)
      daemons (>= 1.0.9)
      eventmachine (>= 0.12.6)
      rack (>= 1.0.0)
    tilt (1.3.3)

PLATFORMS
  java

DEPENDENCIES
  bundler (= 1.0.10)
  eventmachine (= 1.0.0.beta.4)
  jruby-openssl
  json
  sinatra
  thin
