GEM
  remote: http://rubygems.org/
  specs:
    activemodel (3.1.3)
      activesupport (= 3.1.3)
      builder (~> 3.0.0)
      i18n (~> 0.6)
    activerecord (3.1.3)
      activemodel (= 3.1.3)
      activesupport (= 3.1.3)
      arel (~> 2.2.1)
      tzinfo (~> 0.3.29)
    activerecord-jdbc-adapter (1.2.1)
    activerecord-jdbcpostgresql-adapter (1.2.1)
      activerecord-jdbc-adapter (~> 1.2.1)
      jdbc-postgres (~> 9.0.0)
    activesupport (3.1.3)
      multi_json (~> 1.0)
    arel (2.2.1)
    bouncy-castle-java (1.5.0146.1)
    builder (3.0.0)
    i18n (0.6.0)
    jdbc-postgres (9.0.801)
    jruby-openssl (0.7.4)
      bouncy-castle-java
    json (1.6.3-java)
    multi_json (1.0.4)
    rack (1.3.5)
    rack-protection (1.1.4)
      rack
    rake (0.9.2.2)
    sinatra (1.3.1)
      rack (~> 1.3, >= 1.3.4)
      rack-protection (~> 1.1, >= 1.1.2)
      tilt (~> 1.3, >= 1.3.3)
    standalone_migrations (1.0.5)
      activerecord (>= 3)
      rake
    tilt (1.3.3)
    tzinfo (0.3.31)

PLATFORMS
  java

DEPENDENCIES
  activerecord
  activerecord-jdbcpostgresql-adapter
  bundler (~> 1.0.10)
  jruby-openssl
  json
  sinatra
  standalone_migrations
